PATH
  remote: ../../
  specs:
    canson (0.1.0)
      dotenv
      dry-matcher (~> 0.5)
      dry-monads (~> 0.2.1)
      dry-transaction (~> 0.8)
      grpc (~> 1.0.1)
      http-2 (~> 0.8.2)
      http_parser.rb (~> 0.6)
      mime-types (~> 2.4)
      mustermann (~> 0.4)
      rack (~> 2.0.1)
      tilt (~> 2.0.5)

GEM
  remote: https://rubygems.org/
  specs:
    addressable (2.5.0)
      public_suffix (~> 2.0, >= 2.0.2)
    byebug (9.0.6)
    concurrent-ruby (1.0.2)
    dotenv (2.1.1)
    dry-configurable (0.3.0)
      concurrent-ruby (~> 1.0)
    dry-container (0.5.0)
      concurrent-ruby (~> 1.0)
      dry-configurable (~> 0.1, >= 0.1.3)
    dry-equalizer (0.2.0)
    dry-matcher (0.5.0)
    dry-monads (0.2.1)
      dry-equalizer
    dry-transaction (0.8.0)
      dry-container (>= 0.2.8)
      dry-matcher (>= 0.5.0)
      dry-monads (>= 0.0.1)
      wisper (>= 1.6.0)
    faraday (0.10.0)
      multipart-post (>= 1.2, < 3)
    google-protobuf (3.0.2)
    googleauth (0.5.1)
      faraday (~> 0.9)
      jwt (~> 1.4)
      logging (~> 2.0)
      memoist (~> 0.12)
      multi_json (~> 1.11)
      os (~> 0.9)
      signet (~> 0.7)
    grpc (1.0.1)
      google-protobuf (~> 3.0.2)
      googleauth (~> 0.5.1)
    http-2 (0.8.2)
    http_parser.rb (0.6.0)
    jwt (1.5.6)
    little-plugger (1.1.4)
    logging (2.1.0)
      little-plugger (~> 1.1)
      multi_json (~> 1.10)
    memoist (0.15.0)
    mime-types (2.99.3)
    multi_json (1.12.1)
    multipart-post (2.0.0)
    mustermann (0.4.0)
      tool (~> 0.2)
    os (0.9.6)
    public_suffix (2.0.4)
    rack (2.0.1)
    signet (0.7.3)
      addressable (~> 2.3)
      faraday (~> 0.9)
      jwt (~> 1.5)
      multi_json (~> 1.10)
    tilt (2.0.5)
    tool (0.2.3)
    wisper (1.6.1)

PLATFORMS
  ruby

DEPENDENCIES
  byebug
  canson!

BUNDLED WITH
   1.13.6
